FRAMEWORK: >= NET45
NUGET
  remote: https://www.nuget.org/api/v2
  specs:
    BouncyCastle (1.7.0)
    Deedle (1.2.4)
    Deedle.RPlugin (1.2.4)
      Deedle (>= 1.2.4)
      R.NET.Community (>= 1.6.4)
      R.NET.Community.FSharp (>= 1.6.4)
      RProvider (>= 1.1.13)
    DynamicInterop (0.7.4)
    Foogle.Charts (0.0.5)
    FSharp.Charting (0.90.13)
    FSharp.Core (4.0.0.1)
    FSharp.Data (2.2.5)
    FsLab (0.3.17)
      Deedle (1.2.4)
      Deedle.RPlugin (1.2.4)
      DynamicInterop (0.7.4)
      Foogle.Charts (0.0.5)
      FSharp.Charting (0.90.13)
      FSharp.Data (2.2.5)
      Google.DataTable.Net.Wrapper (3.1.2)
      MathNet.Numerics (3.10.0)
      MathNet.Numerics.FSharp (3.10.0)
      Newtonsoft.Json (8.0.2)
      R.NET.Community (1.6.4)
      R.NET.Community.FSharp (1.6.4)
      RProvider (1.1.15)
      XPlot.GoogleCharts (1.3.1)
      XPlot.GoogleCharts.Deedle (1.3.1)
      XPlot.Plotly (1.3.1)
    Google.Apis (1.11.1)
      Google.Apis.Core (>= 1.11.1)
      log4net (>= 2.0.3)
      Zlib.Portable.Signed (>= 1.11.0)
    Google.Apis.Auth (1.11.1)
      BouncyCastle (>= 1.7.0)
      Google.Apis.Core (>= 1.11.1)
    Google.Apis.Core (1.11.1)
      Newtonsoft.Json (>= 7.0.1)
    Google.Apis.Fitness.v1 (1.11.1.293)
      Google.Apis (>= 1.11.1)
      Google.Apis.Auth (>= 1.11.1)
    Google.DataTable.Net.Wrapper (3.1.2)
    Http.fs (1.5.1)
    log4net (2.0.5)
    MathNet.Numerics (3.10.0)
    MathNet.Numerics.FSharp (3.10.0)
      FSharp.Core (>= 3.1.2.5)
      MathNet.Numerics (3.10.0)
    Newtonsoft.Json (8.0.2)
    R.NET.Community (1.6.4)
      DynamicInterop (0.7.4)
    R.NET.Community.FSharp (1.6.4)
      R.NET.Community (>= 1.6.4)
    RProvider (1.1.15)
      DynamicInterop (0.7.4)
      R.NET.Community (1.6.4)
      R.NET.Community.FSharp (1.6.4)
    XPlot.GoogleCharts (1.3.1)
      Google.DataTable.Net.Wrapper
      Newtonsoft.Json
    XPlot.GoogleCharts.Deedle (1.3.1)
      Deedle
      XPlot.GoogleCharts (>= 1.3.1)
    XPlot.Plotly (1.3.1)
      Http.fs
      Newtonsoft.Json
    Zlib.Portable.Signed (1.11.0)
